GEM
  remote: http://rubygems.org/
  specs:
    Ascii85 (1.0.1)
    activemodel (3.0.9)
      activesupport (= 3.0.9)
      builder (~> 2.1.2)
      i18n (~> 0.5.0)
    activeresource (3.0.9)
      activemodel (= 3.0.9)
      activesupport (= 3.0.9)
    activesupport (3.0.9)
    allison (2.0.3)
    builder (2.1.2)
    diff-lcs (1.1.2)
    echoe (4.6.1)
      allison (>= 2.0.3)
      gemcutter (>= 0.7.0)
      rake (>= 0.9.2)
      rdoc (>= 3.6.1)
      rubyforge (>= 2.0.4)
    gemcutter (0.7.0)
    i18n (0.5.0)
    json_pure (1.5.3)
    pdf-reader (0.9.2)
      Ascii85 (>= 0.9)
    prawn (0.11.1)
      pdf-reader (>= 0.9.0)
      ttfunk (~> 1.0.0)
    rainbow (1.1.1)
    rake (0.9.2)
    rdoc (3.6.1)
    rspec (2.6.0)
      rspec-core (~> 2.6.0)
      rspec-expectations (~> 2.6.0)
      rspec-mocks (~> 2.6.0)
    rspec-core (2.6.4)
    rspec-expectations (2.6.0)
      diff-lcs (~> 1.1.2)
    rspec-mocks (2.6.0)
    rubyforge (2.0.4)
      json_pure (>= 1.1.7)
    thor (0.14.6)
    ttfunk (1.0.1)

PLATFORMS
  ruby

DEPENDENCIES
  activeresource
  echoe
  prawn
  rainbow
  rspec
  thor
