GEM
  remote: http://rubygems.org/
  specs:
    Ascii85 (1.0.1)
    activemodel (3.1.0)
      activesupport (= 3.1.0)
      bcrypt-ruby (~> 3.0.0)
      builder (~> 3.0.0)
      i18n (~> 0.6)
    activeresource (3.1.0)
      activemodel (= 3.1.0)
      activesupport (= 3.1.0)
    activesupport (3.1.0)
      multi_json (~> 1.0)
    allison (2.0.3)
    bcrypt-ruby (3.0.1)
    builder (3.0.0)
    diff-lcs (1.1.3)
    echoe (4.5.6)
      allison
      gemcutter
      rubyforge
    gemcutter (0.7.0)
    i18n (0.6.0)
    json_pure (1.6.0)
    multi_json (1.0.3)
    pdf-reader (0.10.0)
      Ascii85 (~> 1.0.0)
    prawn (0.12.0)
      pdf-reader (>= 0.9.0)
      ttfunk (~> 1.0.2)
    rainbow (1.1.1)
    rake (0.9.2)
    rspec (2.6.0)
      rspec-core (~> 2.6.0)
      rspec-expectations (~> 2.6.0)
      rspec-mocks (~> 2.6.0)
    rspec-core (2.6.4)
    rspec-expectations (2.6.0)
      diff-lcs (~> 1.1.2)
    rspec-mocks (2.6.0)
    rubyforge (2.0.4)
      json_pure (>= 1.1.7)
    thor (0.14.6)
    ttfunk (1.0.2)

PLATFORMS
  ruby

DEPENDENCIES
  activeresource
  echoe (= 4.5.6)
  prawn
  rainbow
  rake
  rspec
  thor
